GIT
  remote: https://github.com/SciRuby/nmatrix.git
  revision: 68adec0473112871b091efe696078d4b04f02df8
  specs:
    nmatrix (0.2.4)
      packable (~> 1.3, >= 1.3.5)

GEM
  remote: http://rubygems.org/
  specs:
    backports (3.8.0)
    cairo (1.15.9)
      native-package-installer (>= 1.0.3)
      pkg-config (>= 1.2.2)
    chunky_png (1.3.8)
    coderay (1.1.2)
    diff-lcs (1.3)
    docile (1.1.5)
    ffi (1.9.18)
    json (2.1.0)
    native-package-installer (1.0.4)
    packable (1.3.9)
      backports
    parallel (1.12.0)
    pkg-config (1.2.7)
    rspec (3.6.0)
      rspec-core (~> 3.6.0)
      rspec-expectations (~> 3.6.0)
      rspec-mocks (~> 3.6.0)
    rspec-core (3.6.0)
      rspec-support (~> 3.6.0)
    rspec-expectations (3.6.0)
      diff-lcs (>= 1.2.0, < 2.0)
      rspec-support (~> 3.6.0)
    rspec-mocks (3.6.0)
      diff-lcs (>= 1.2.0, < 2.0)
      rspec-support (~> 3.6.0)
    rspec-support (3.6.0)
    ruby-progressbar (1.9.0)
    simplecov (0.15.1)
      docile (~> 1.1.0)
      json (>= 1.8, < 3)
      simplecov-html (~> 0.10.0)
    simplecov-html (0.10.2)

PLATFORMS
  ruby

DEPENDENCIES
  cairo
  chunky_png
  coderay
  ffi
  nmatrix!
  parallel
  rspec
  ruby-progressbar
  simplecov

BUNDLED WITH
   1.14.6
