PATH
  remote: .
  specs:
    CooCoo (0.1.0)
      cairo
      chunky_png
      colorize
      ffi
      nmatrix
      parallel
      ruby-progressbar

GEM
  remote: http://rubygems.org/
  specs:
    backports (3.10.3)
    cairo (1.15.10)
      native-package-installer (>= 1.0.3)
      pkg-config (>= 1.2.2)
    cairo (1.15.10-x64-mingw32)
      native-package-installer (>= 1.0.3)
      pkg-config (>= 1.2.2)
    chunky_png (1.3.8)
    coderay (1.1.2)
    colorize (0.8.1)
    diff-lcs (1.3)
    docile (1.1.5)
    ffi (1.9.18)
    ffi (1.9.18-x64-mingw32)
    json (2.1.0)
    native-package-installer (1.0.6)
    nmatrix (0.2.3)
      packable (~> 1.3, >= 1.3.5)
    packable (1.3.9)
      backports
    parallel (1.12.0)
    pkg-config (1.2.8)
    rake (10.5.0)
    rspec (3.7.0)
      rspec-core (~> 3.7.0)
      rspec-expectations (~> 3.7.0)
      rspec-mocks (~> 3.7.0)
    rspec-core (3.7.0)
      rspec-support (~> 3.7.0)
    rspec-expectations (3.7.0)
      diff-lcs (>= 1.2.0, < 2.0)
      rspec-support (~> 3.7.0)
    rspec-mocks (3.7.0)
      diff-lcs (>= 1.2.0, < 2.0)
      rspec-support (~> 3.7.0)
    rspec-support (3.7.0)
    ruby-progressbar (1.9.0)
    simplecov (0.15.1)
      docile (~> 1.1.0)
      json (>= 1.8, < 3)
      simplecov-html (~> 0.10.0)
    simplecov-html (0.10.2)

PLATFORMS
  ruby
  x64-mingw32

DEPENDENCIES
  CooCoo!
  bundler (~> 1.14)
  coderay
  rake (~> 10.0)
  rspec (~> 3.0)
  simplecov

BUNDLED WITH
   1.15.4
