PATH
  remote: .
  specs:
    CooCoo (0.2.1)
      builder
      cairo
      chunky_png
      colorize
      ffi
      jpeg
      parallel
      rexml
      ruby-progressbar

GEM
  remote: http://rubygems.org/
  specs:
    builder (3.2.4)
    cairo (1.17.12)
      native-package-installer (>= 1.0.3)
      pkg-config (>= 1.2.2)
      red-colors
    chunky_png (1.4.0)
    coderay (1.1.3)
    colorize (1.1.0)
    diff-lcs (1.5.0)
    docile (1.4.0)
    ffi (1.15.5)
    jpeg (0.7.1)
    matrix (0.4.2)
    method_source (0.9.2)
    native-package-installer (1.1.8)
    parallel (1.23.0)
    pkg-config (1.5.2)
    pry (0.11.3)
      coderay (~> 1.1.0)
      method_source (~> 0.9.0)
    rake (10.5.0)
    red-colors (0.3.0)
      matrix
    rexml (3.2.6)
    rspec (3.12.0)
      rspec-core (~> 3.12.0)
      rspec-expectations (~> 3.12.0)
      rspec-mocks (~> 3.12.0)
    rspec-core (3.12.2)
      rspec-support (~> 3.12.0)
    rspec-expectations (3.12.3)
      diff-lcs (>= 1.2.0, < 2.0)
      rspec-support (~> 3.12.0)
    rspec-mocks (3.12.6)
      diff-lcs (>= 1.2.0, < 2.0)
      rspec-support (~> 3.12.0)
    rspec-support (3.12.1)
    ruby-progressbar (1.13.0)
    simplecov (0.22.0)
      docile (~> 1.1)
      simplecov-html (~> 0.11)
      simplecov_json_formatter (~> 0.1)
    simplecov-html (0.12.3)
    simplecov_json_formatter (0.1.4)
    yard (0.9.34)
    yard-rspec (0.1)
      yard

PLATFORMS
  x86_64-linux

DEPENDENCIES
  CooCoo!
  bundler (~> 2.4.13)
  coderay
  pry (~> 0.11.3)
  rake (~> 10.0)
  rspec (~> 3.0)
  simplecov
  yard
  yard-rspec

BUNDLED WITH
   2.4.13
