PATH
  remote: .
  specs:
    CooCoo (0.2.1)
      base64
      builder
      cairo
      chunky_png
      colorize
      ffi
      jpeg
      parallel
      rexml
      ruby-progressbar

GEM
  remote: https://rubygems.org/
  specs:
    base64 (0.2.0)
    bigdecimal (3.1.8)
    builder (3.3.0)
    cairo (1.17.13)
      native-package-installer (>= 1.0.3)
      pkg-config (>= 1.2.2)
      red-colors
    chunky_png (1.4.0)
    coderay (1.1.3)
    colorize (1.1.0)
    cucumber (9.2.0)
      builder (~> 3.2)
      cucumber-ci-environment (> 9, < 11)
      cucumber-core (> 13, < 14)
      cucumber-cucumber-expressions (~> 17.0)
      cucumber-gherkin (> 24, < 28)
      cucumber-html-formatter (> 20.3, < 22)
      cucumber-messages (> 19, < 25)
      diff-lcs (~> 1.5)
      mini_mime (~> 1.1)
      multi_test (~> 1.1)
      sys-uname (~> 1.2)
    cucumber-ci-environment (10.0.1)
    cucumber-core (13.0.3)
      cucumber-gherkin (>= 27, < 28)
      cucumber-messages (>= 20, < 23)
      cucumber-tag-expressions (> 5, < 7)
    cucumber-cucumber-expressions (17.1.0)
      bigdecimal
    cucumber-gherkin (27.0.0)
      cucumber-messages (>= 19.1.4, < 23)
    cucumber-html-formatter (21.7.0)
      cucumber-messages (> 19, < 27)
    cucumber-messages (22.0.0)
    cucumber-tag-expressions (6.1.0)
    diff-lcs (1.5.1)
    docile (1.4.1)
    ffi (1.17.0)
    ffi (1.17.0-x86_64-linux-gnu)
    jpeg (0.7.1)
    json (2.7.2)
    matrix (0.4.2)
    method_source (1.1.0)
    mini_mime (1.1.5)
    multi_test (1.1.0)
    native-package-installer (1.1.9)
    parallel (1.26.3)
    pkg-config (1.5.6)
    pry (0.14.2)
      coderay (~> 1.1)
      method_source (~> 1.0)
    rake (13.2.1)
    red-colors (0.4.0)
      json
      matrix
    rexml (3.3.6)
      strscan
    rspec (3.13.0)
      rspec-core (~> 3.13.0)
      rspec-expectations (~> 3.13.0)
      rspec-mocks (~> 3.13.0)
    rspec-core (3.13.0)
      rspec-support (~> 3.13.0)
    rspec-expectations (3.13.2)
      diff-lcs (>= 1.2.0, < 2.0)
      rspec-support (~> 3.13.0)
    rspec-mocks (3.13.1)
      diff-lcs (>= 1.2.0, < 2.0)
      rspec-support (~> 3.13.0)
    rspec-support (3.13.1)
    ruby-progressbar (1.13.0)
    simplecov (0.22.0)
      docile (~> 1.1)
      simplecov-html (~> 0.11)
      simplecov_json_formatter (~> 0.1)
    simplecov-html (0.12.3)
    simplecov_json_formatter (0.1.4)
    strscan (3.1.0)
    sys-uname (1.3.0)
      ffi (~> 1.1)
    yard (0.9.36)
    yard-rspec (0.1)
      yard

PLATFORMS
  aarch64-linux-android
  x86_64-linux

DEPENDENCIES
  CooCoo!
  bundler
  coderay
  cucumber
  pry
  rake
  rspec
  simplecov
  yard
  yard-rspec

BUNDLED WITH
   2.5.9
