GIT
  remote: https://github.com/SciRuby/nmatrix.git
  revision: 68adec0473112871b091efe696078d4b04f02df8
  specs:
    nmatrix (0.2.4)
      packable (~> 1.3, >= 1.3.5)

GEM
  remote: http://rubygems.org/
  specs:
    backports (3.8.0)
    cairo (1.15.9)
      native-package-installer (>= 1.0.3)
      pkg-config (>= 1.2.2)
    chunky_png (1.3.8)
    diff-lcs (1.3)
    native-package-installer (1.0.4)
    packable (1.3.9)
      backports
    pkg-config (1.2.7)
    rspec (3.6.0)
      rspec-core (~> 3.6.0)
      rspec-expectations (~> 3.6.0)
      rspec-mocks (~> 3.6.0)
    rspec-core (3.6.0)
      rspec-support (~> 3.6.0)
    rspec-expectations (3.6.0)
      diff-lcs (>= 1.2.0, < 2.0)
      rspec-support (~> 3.6.0)
    rspec-mocks (3.6.0)
      diff-lcs (>= 1.2.0, < 2.0)
      rspec-support (~> 3.6.0)
    rspec-support (3.6.0)

PLATFORMS
  ruby

DEPENDENCIES
  cairo
  chunky_png
  nmatrix!
  rspec

BUNDLED WITH
   1.14.6
