PATH
  remote: .
  specs:
    CooCoo-x64-mingw32 (0.2.1)
      chunky_png
      colorize
      ffi
      nmatrix
      nokogiri
      parallel
      ruby-progressbar

GEM
  remote: http://rubygems.org/
  specs:
    backports (3.11.1)
    chunky_png (1.3.10)
    coderay (1.1.2)
    colorize (0.8.1)
    diff-lcs (1.3)
    docile (1.1.5)
    ffi (1.9.21)
    ffi (1.9.21-x64-mingw32)
    json (2.1.0)
    method_source (0.9.0)
    mini_portile2 (2.3.0)
    nmatrix (0.2.4)
      packable (~> 1.3, >= 1.3.5)
    nokogiri (1.8.2)
      mini_portile2 (~> 2.3.0)
    nokogiri (1.8.2-x64-mingw32)
      mini_portile2 (~> 2.3.0)
    packable (1.3.9)
      backports
    parallel (1.12.1)
    pry (0.11.3)
      coderay (~> 1.1.0)
      method_source (~> 0.9.0)
    rake (10.5.0)
    rspec (3.7.0)
      rspec-core (~> 3.7.0)
      rspec-expectations (~> 3.7.0)
      rspec-mocks (~> 3.7.0)
    rspec-core (3.7.1)
      rspec-support (~> 3.7.0)
    rspec-expectations (3.7.0)
      diff-lcs (>= 1.2.0, < 2.0)
      rspec-support (~> 3.7.0)
    rspec-mocks (3.7.0)
      diff-lcs (>= 1.2.0, < 2.0)
      rspec-support (~> 3.7.0)
    rspec-support (3.7.1)
    ruby-progressbar (1.9.0)
    simplecov (0.15.1)
      docile (~> 1.1.0)
      json (>= 1.8, < 3)
      simplecov-html (~> 0.10.0)
    simplecov-html (0.10.2)
    yard (0.9.12)
    yard-rspec (0.1)
      yard

PLATFORMS
  ruby
  x64-mingw32

DEPENDENCIES
  CooCoo-x64-mingw32!
  bundler (~> 1.14)
  coderay
  pry (~> 0.11.3)
  rake (~> 10.0)
  rspec (~> 3.0)
  simplecov
  yard
  yard-rspec

BUNDLED WITH
   1.16.1
